{	"TaskName": "Retinotopy",
	"Modality": "MR",
	"MagneticFieldStrength": 3,
	"Manufacturer": "Siemens",
	"ManufacturersModelName": "TrioTim",
	"InstitutionName": "SNUBIC",
	"InstitutionalDepartmentName": "Department",
	"InstitutionAddress": "kwanakro_599_73B779_Seoul_KR_ZIP",
	"DeviceSerialNumber": "35422",
	"StationName": "MRC35422",
	"PatientPosition": "HFS",
	"ProcedureStepDescription": "SNU_SAVED",
	"SoftwareVersions": "syngo_MR_B17",
	"MRAcquisitionType": "2D",
	"SeriesDescription": "MB_ep2d_FOV256_3x3x3_TR0750",
	"ProtocolName": "MB_ep2d_FOV256_3x3x3_TR0750",
	"ScanningSequence": "EP",
	"SequenceVariant": "SK_SS",
	"ScanOptions": "FS",
	"SequenceName": "epfid2d1_84",
	"ImageType": ["ORIGINAL", "PRIMARY", "FMRI", "NONE", "MB", "ND", "MOSAIC"],
	"SeriesNumber": 45,
	"AcquisitionTime": "11:21:35.360000",
	"AcquisitionNumber": 1,
	"ImageComments": "Unaliased_MB4_PE4_LB",
	"SliceThickness": 3,
	"SpacingBetweenSlices": 3,
	"SAR": 0.261846,
	"EchoTime": 0.03,
	"RepetitionTime": 0.75,
	"FlipAngle": 55,
	"PartialFourier": 1,
	"BaseResolution": 84,
	"ShimSetting": [
		-4302,
		-29745,
		-1883,
		739,
		-247,
		355,
		13,
		24	],
	"TxRefAmp": 384.639,
	"PhaseResolution": 1,
	"ReceiveCoilName": "32Ch_Head",
	"PulseSequenceDetails": "%CustomerSeq%_cmrr_mbep2d_bold",
	"MultibandAccelerationFactor": 4,
	"PercentPhaseFOV": 100,
	"PhaseEncodingSteps": 83,
	"AcquisitionMatrixPE": 84,
	"ReconMatrixPE": 84,
	"BandwidthPerPixelPhaseEncode": 32.175,
	"ParallelReductionFactorInPlane": 2,
	"EffectiveEchoSpacing": 0.00037,
	"DerivedVendorReportedEchoSpacing": 0.000740001,
	"TotalReadoutTime": 0.03071,
	"PixelBandwidth": 1566,
	"DwellTime": 3.8e-06,
	"PhaseEncodingDirection": "j-",
	"SliceTiming": [
		0,
		0.3125,
		0.6275,
		0.1875,
		0.5,
		0.0625,
		0.375,
		0.69,
		0.25,
		0.565,
		0.125,
		0.4375,
		0,
		0.3125,
		0.6275,
		0.1875,
		0.5,
		0.0625,
		0.375,
		0.69,
		0.25,
		0.565,
		0.125,
		0.4375,
		0,
		0.3125,
		0.6275,
		0.1875,
		0.5,
		0.0625,
		0.375,
		0.69,
		0.25,
		0.565,
		0.125,
		0.4375,
		0,
		0.3125,
		0.6275,
		0.1875,
		0.5,
		0.0625,
		0.375,
		0.69,
		0.25,
		0.565,
		0.125,
		0.4375	],
	"ImageOrientationPatientDICOM": [
		1,
		0,
		0,
		0,
		0.989776,
		-0.142629	],
	"InPlanePhaseEncodingDirectionDICOM": "COL",
	"ConversionSoftware": "dcm2niix",
	"ConversionSoftwareVersion": "v1.0.20180622 (JP2:OpenJPEG) GCC6.1.0"
}
